PATH
  remote: .
  specs:
    gazer (0.1.6)
      looker-sdk-fork (~> 0.0.6)
      netrc (~> 0.11.0)
      pastel (~> 0.7.2)
      thor (~> 0.20.0)
      tty-reader (~> 0.3.0)
      tty-table (~> 0.10.0)
      tty-tree (~> 0.1.0)

GEM
  remote: https://rubygems.org/
  specs:
    addressable (2.5.2)
      public_suffix (>= 2.0.2, < 4.0)
    diff-lcs (1.3)
    equatable (0.5.0)
    faraday (0.9.2)
      multipart-post (>= 1.2, < 3)
    hitimes (1.2.6)
    kramdown (1.16.2)
    looker-sdk-fork (0.0.6)
      faraday (~> 0.9.2, < 1.0)
      sawyer (~> 0.8)
    multipart-post (2.0.0)
    necromancer (0.4.0)
    netrc (0.11.0)
    pastel (0.7.2)
      equatable (~> 0.5.0)
      tty-color (~> 0.4.0)
    public_suffix (3.0.2)
    rake (10.5.0)
    rouge (3.1.1)
    rspec (3.7.0)
      rspec-core (~> 3.7.0)
      rspec-expectations (~> 3.7.0)
      rspec-mocks (~> 3.7.0)
    rspec-core (3.7.1)
      rspec-support (~> 3.7.0)
    rspec-expectations (3.7.0)
      diff-lcs (>= 1.2.0, < 2.0)
      rspec-support (~> 3.7.0)
    rspec-mocks (3.7.0)
      diff-lcs (>= 1.2.0, < 2.0)
      rspec-support (~> 3.7.0)
    rspec-support (3.7.1)
    sawyer (0.8.1)
      addressable (>= 2.3.5, < 2.6)
      faraday (~> 0.8, < 1.0)
    strings (0.1.1)
      unicode-display_width (~> 1.3.0)
      unicode_utils (~> 1.4.0)
    thor (0.20.0)
    timers (4.1.2)
      hitimes
    tty-color (0.4.2)
    tty-command (0.8.1)
      pastel (~> 0.7.0)
    tty-config (0.2.0)
    tty-cursor (0.5.0)
    tty-editor (0.4.0)
      tty-prompt (~> 0.16.0)
      tty-which (~> 0.3.0)
    tty-file (0.6.0)
      diff-lcs (~> 1.3.0)
      pastel (~> 0.7.2)
      tty-prompt (~> 0.16.1)
    tty-font (0.2.0)
    tty-fork (0.8.0)
      bundler (~> 1.16, < 2.0)
      equatable (~> 0.5.0)
      pastel (~> 0.7.2)
      thor (~> 0.20.0)
      tty-color (~> 0.4.2)
      tty-command (~> 0.8.0)
      tty-config (~> 0.2.0)
      tty-cursor (~> 0.5.0)
      tty-editor (~> 0.4.0)
      tty-file (~> 0.6.0)
      tty-font (~> 0.2.0)
      tty-markdown (~> 0.3.0)
      tty-pager (~> 0.11.0)
      tty-platform (~> 0.1.0)
      tty-progressbar (~> 0.14.0)
      tty-prompt (~> 0.16.1)
      tty-screen (~> 0.6.4)
      tty-spinner (~> 0.8.0)
      tty-table (~> 0.10.0)
      tty-tree (~> 0.1.0)
      tty-which (~> 0.3.0)
    tty-markdown (0.3.0)
      kramdown (~> 1.16.2)
      pastel (~> 0.7.2)
      rouge (~> 3.1.0)
      strings (~> 0.1.0)
      tty-color (~> 0.4.2)
      tty-screen (~> 0.6.4)
    tty-pager (0.11.0)
      strings (~> 0.1.0)
      tty-screen (~> 0.6.4)
      tty-which (~> 0.3.0)
    tty-platform (0.1.0)
    tty-progressbar (0.14.0)
      tty-cursor (~> 0.5.0)
      tty-screen (~> 0.6.4)
    tty-prompt (0.16.1)
      necromancer (~> 0.4.0)
      pastel (~> 0.7.0)
      timers (~> 4.0)
      tty-cursor (~> 0.5.0)
      tty-reader (~> 0.3.0)
    tty-reader (0.3.0)
      tty-cursor (~> 0.5.0)
      tty-screen (~> 0.6.4)
      wisper (~> 2.0.0)
    tty-screen (0.6.4)
    tty-spinner (0.8.0)
      tty-cursor (>= 0.5.0)
    tty-table (0.10.0)
      equatable (~> 0.5.0)
      necromancer (~> 0.4.0)
      pastel (~> 0.7.2)
      strings (~> 0.1.0)
      tty-screen (~> 0.6.4)
    tty-tree (0.1.0)
    tty-which (0.3.0)
    unicode-display_width (1.3.2)
    unicode_utils (1.4.0)
    wisper (2.0.0)

PLATFORMS
  ruby

DEPENDENCIES
  bundler (~> 1.16)
  gazer!
  rake (~> 10.0)
  rspec (~> 3.0)
  tty-fork (~> 0.8)

RUBY VERSION
   ruby 2.3.3p222

BUNDLED WITH
   1.16.1
